GEM
  remote: https://rubygems.org/
  specs:
    dimples (6.2.1)
      hashie (~> 3.5, >= 3.5.7)
      optimist (~> 3.0)
      tilt (~> 2.0)
    erubis (2.7.0)
    faraday (0.14.0)
      multipart-post (>= 1.2, < 3)
    hashie (3.6.0)
    multipart-post (2.0.0)
    optimist (3.0.0)
    redcarpet (3.4.0)
    tilt (2.0.8)

PLATFORMS
  ruby

DEPENDENCIES
  dimples (~> 6.2.1)
  erubis (~> 2.7.0)
  faraday (~> 0.14.0)
  redcarpet (~> 3.4.0)

RUBY VERSION
   ruby 2.4.3p205

BUNDLED WITH
   1.16.4
